GEM
  remote: https://rubygems.org/
  specs:
    jruby-jars (1.7.13)
    jruby-rack (1.1.16)
    rack (1.5.2)
    rack-protection (1.5.3)
      rack
    rake (10.3.2)
    rubyzip (1.1.6)
    sinatra (1.4.5)
      rack (~> 1.4)
      rack-protection (~> 1.4)
      tilt (~> 1.3, >= 1.3.4)
    tilt (1.4.1)
    warbler (1.4.4)
      jruby-jars (>= 1.5.6, < 2.0)
      jruby-rack (>= 1.0.0)
      rake (>= 0.9.6)
      rubyzip (>= 0.9, < 1.2)

PLATFORMS
  java

DEPENDENCIES
  sinatra
  warbler
